GIT
  remote: https://github.com/jparbros/simple_audit.git
  revision: 7ec06f08e67a8af78e7d0e34f17aee7c1b5e97d0
  specs:
    simple_audit (0.2.0)

GEM
  remote: https://rubygems.org/
  specs:
    actionmailer (3.2.6)
      actionpack (= 3.2.6)
      mail (~> 2.4.4)
    actionpack (3.2.6)
      activemodel (= 3.2.6)
      activesupport (= 3.2.6)
      builder (~> 3.0.0)
      erubis (~> 2.7.0)
      journey (~> 1.0.1)
      rack (~> 1.4.0)
      rack-cache (~> 1.2)
      rack-test (~> 0.6.1)
      sprockets (~> 2.1.3)
    activemodel (3.2.6)
      activesupport (= 3.2.6)
      builder (~> 3.0.0)
    activerecord (3.2.6)
      activemodel (= 3.2.6)
      activesupport (= 3.2.6)
      arel (~> 3.0.2)
      tzinfo (~> 0.3.29)
    activeresource (3.2.6)
      activemodel (= 3.2.6)
      activesupport (= 3.2.6)
    activesupport (3.2.6)
      i18n (~> 0.6)
      multi_json (~> 1.0)
    addressable (2.8.0)
      public_suffix (>= 2.0.2, < 5.0)
    airbrake (3.1.2)
      activesupport
      builder
    akami (1.2.0)
      gyoku (>= 0.4.0)
      nokogiri (>= 1.4.0)
    arel (3.0.2)
    attr_required (0.0.5)
    bcrypt-ruby (3.0.1)
    bootstrap-kaminari-views (0.0.2)
      kaminari (>= 0.13)
      rails (>= 3.1)
    buftok (0.2.0)
    builder (3.0.0)
    cancan (1.6.8)
    carrierwave (0.6.2)
      activemodel (>= 3.2.0)
      activesupport (>= 3.2.0)
    coffee-rails (3.2.2)
      coffee-script (>= 2.2.0)
      railties (~> 3.2.0)
    coffee-script (2.2.0)
      coffee-script-source
      execjs
    coffee-script-source (1.3.3)
    devise (2.1.2)
      bcrypt-ruby (~> 3.0)
      orm_adapter (~> 0.1)
      railties (~> 3.1)
      warden (~> 1.2.1)
    domain_name (0.5.20190701)
      unf (>= 0.0.5, < 1.0.0)
    equalizer (0.0.11)
    erubis (2.7.0)
    excon (0.14.2)
    execjs (1.4.0)
      multi_json (~> 1.0)
    exifr (1.1.3)
    faraday (0.17.5)
      multipart-post (>= 1.2, < 3)
    fb_graph (2.4.17)
      httpclient (>= 2.2.0.2)
      rack-oauth2 (>= 0.14.4)
      tzinfo
    ffi (1.0.11)
    ffi-compiler (1.0.1)
      ffi (>= 1.0.0)
      rake
    fog (1.4.0)
      builder
      excon (~> 0.14.0)
      formatador (~> 0.2.0)
      mime-types
      multi_json (~> 1.0)
      net-scp (~> 1.0.4)
      net-ssh (>= 2.1.3)
      nokogiri (~> 1.5.0)
      ruby-hmac
    formatador (0.2.3)
    gyoku (0.4.6)
      builder (>= 2.1.2)
    haml (3.1.6)
    haml-rails (0.3.4)
      actionpack (~> 3.0)
      activesupport (~> 3.0)
      haml (~> 3.0)
      railties (~> 3.0)
    hashie (1.2.0)
    hike (1.2.1)
    http (4.4.1)
      addressable (~> 2.3)
      http-cookie (~> 1.0)
      http-form_data (~> 2.2)
      http-parser (~> 1.2.0)
    http-cookie (1.0.5)
      domain_name (~> 0.5)
    http-form_data (2.3.0)
    http-parser (1.2.3)
      ffi-compiler (>= 1.0, < 2.0)
    http_parser.rb (0.6.0)
    httpauth (0.1)
    httpclient (2.2.5)
    httpi (1.1.1)
      rack
    i18n (0.6.0)
    journey (1.0.4)
    jquery-rails (2.0.2)
      railties (>= 3.2.0, < 5.0)
      thor (~> 0.14)
    json (1.7.3)
    kaminari (0.13.0)
      actionpack (>= 3.0.0)
      activesupport (>= 3.0.0)
      railties (>= 3.0.0)
    kgio (2.7.4)
    lazy_high_charts (1.1.7)
      bundler (~> 1.0)
    libv8 (3.3.10.4)
    mail (2.4.4)
      i18n (>= 0.4.0)
      mime-types (~> 1.16)
      treetop (~> 1.4.8)
    memoizable (0.4.2)
      thread_safe (~> 0.3, >= 0.3.1)
    mime-types (1.19)
    mini_magick (3.4)
      subexec (~> 0.2.1)
    multi_json (1.15.0)
    multipart-post (2.2.3)
    mysql2 (0.3.11)
    naught (1.1.0)
    net-scp (1.0.4)
      net-ssh (>= 1.99.1)
    net-ssh (2.5.2)
    newrelic_rpm (3.4.0.1)
    nokogiri (1.5.5)
    nori (1.1.2)
    oauth (0.4.6)
    oauth2 (0.6.1)
      faraday (~> 0.7)
      httpauth (~> 0.1)
      multi_json (~> 1.3)
    ocr (0.3.1)
      nokogiri (>= 1.5.0)
      savon (>= 0.9.9)
    omniauth (1.1.0)
      hashie (~> 1.2)
      rack
    omniauth-facebook (1.4.0)
      omniauth-oauth2 (~> 1.0.2)
    omniauth-oauth (1.0.1)
      oauth
      omniauth (~> 1.0)
    omniauth-oauth2 (1.0.2)
      oauth2 (~> 0.6.0)
      omniauth (~> 1.0)
    omniauth-twitter (0.0.12)
      multi_json (~> 1.3)
      omniauth-oauth (~> 1.0)
    orm_adapter (0.3.0)
    pg (0.14.0)
    polyglot (0.3.3)
    public_suffix (4.0.7)
    rack (1.4.1)
    rack-cache (1.2)
      rack (>= 0.4)
    rack-oauth2 (0.14.4)
      activesupport (>= 2.3)
      attr_required (>= 0.0.5)
      httpclient (>= 2.2.0.2)
      i18n
      json (>= 1.4.3)
      rack (>= 1.1)
    rack-protection (1.2.0)
      rack
    rack-ssl (1.3.2)
      rack
    rack-test (0.6.1)
      rack (>= 1.0)
    rails (3.2.6)
      actionmailer (= 3.2.6)
      actionpack (= 3.2.6)
      activerecord (= 3.2.6)
      activeresource (= 3.2.6)
      activesupport (= 3.2.6)
      bundler (~> 1.0)
      railties (= 3.2.6)
    railties (3.2.6)
      actionpack (= 3.2.6)
      activesupport (= 3.2.6)
      rack-ssl (~> 1.3.2)
      rake (>= 0.8.7)
      rdoc (~> 3.4)
      thor (>= 0.14.6, < 2.0)
    raindrops (0.10.0)
    rake (0.9.2.2)
    rdoc (3.12)
      json (~> 1.4)
    redis (2.2.2)
    redis-namespace (1.0.3)
      redis (< 3.0.0)
    resque (1.20.0)
      multi_json (~> 1.0)
      redis-namespace (~> 1.0.2)
      sinatra (>= 0.9.2)
      vegas (~> 0.1.2)
    resque-scheduler (1.9.9)
      redis (>= 2.0.1)
      resque (>= 1.8.0)
      rufus-scheduler
    ruby-hmac (0.4.0)
    rufus-scheduler (2.0.16)
      tzinfo (>= 0.3.23)
    sass (3.1.19)
    sass-rails (3.2.5)
      railties (~> 3.2.0)
      sass (>= 3.1.10)
      tilt (~> 1.3)
    savon (1.1.0)
      akami (~> 1.2.0)
      builder (>= 2.1.2)
      gyoku (~> 0.4.5)
      httpi (~> 1.1.0)
      nokogiri (>= 1.4.0)
      nori (~> 1.1.0)
      wasabi (~> 2.5.0)
    simple_oauth (0.3.1)
    sinatra (1.3.2)
      rack (~> 1.3, >= 1.3.6)
      rack-protection (~> 1.2)
      tilt (~> 1.3, >= 1.3.3)
    sprockets (2.1.3)
      hike (~> 1.2)
      rack (~> 1.0)
      tilt (~> 1.1, != 1.3.0)
    sqlite3 (1.3.6)
    state_machine (1.1.2)
    subexec (0.2.2)
    therubyracer (0.10.1)
      libv8 (~> 3.3.10)
    thor (0.15.4)
    thread_safe (0.3.6)
    tilt (1.3.3)
    treetop (1.4.10)
      polyglot
      polyglot (>= 0.3.1)
    twitter (7.0.0)
      addressable (~> 2.3)
      buftok (~> 0.2.0)
      equalizer (~> 0.0.11)
      http (~> 4.0)
      http-form_data (~> 2.0)
      http_parser.rb (~> 0.6.0)
      memoizable (~> 0.4.0)
      multipart-post (~> 2.0)
      naught (~> 1.0)
      simple_oauth (~> 0.3.0)
    typhoeus (0.4.2)
      ffi (~> 1.0)
      mime-types (~> 1.18)
    tzinfo (0.3.61)
    uglifier (1.2.6)
      execjs (>= 0.3.0)
      multi_json (~> 1.3)
    unf (0.1.4)
      unf_ext
    unf_ext (0.0.8.2)
    unicorn (4.3.1)
      kgio (~> 2.6)
      rack
      raindrops (~> 0.7)
    vegas (0.1.11)
      rack (>= 1.0.0)
    warden (1.2.1)
      rack (>= 1.0)
    wasabi (2.5.0)
      httpi (~> 1.0)
      nokogiri (>= 1.4.0)

PLATFORMS
  ruby

DEPENDENCIES
  airbrake
  bootstrap-kaminari-views
  cancan
  carrierwave
  coffee-rails (~> 3.2.1)
  devise
  execjs
  exifr
  fb_graph
  fog
  haml-rails
  jquery-rails
  kaminari
  lazy_high_charts
  mini_magick
  mysql2
  newrelic_rpm
  ocr
  omniauth
  omniauth-facebook
  omniauth-twitter
  pg
  rails (= 3.2.6)
  resque
  resque-scheduler
  sass-rails (~> 3.2.3)
  simple_audit!
  sqlite3
  state_machine
  therubyracer
  twitter
  typhoeus
  uglifier (>= 1.0.3)
  unicorn
